GIT
  remote: git://github.com/lsegal/easy_audio.git
  revision: ae535c2efdae6fe0b5154e1ed371955ea0c09b58
  specs:
    easy_audio (0.1.0)
      ffi-portaudio (~> 0.0)

GEM
  remote: https://rubygems.org/
  specs:
    addressable (2.5.1)
      public_suffix (~> 2.0, >= 2.0.2)
    coderay (1.1.1)
    curses (1.2.4)
    faraday (0.12.1)
      multipart-post (>= 1.2, < 3)
    ffi (1.9.23)
    ffi-portaudio (0.1.2)
      ffi
    google-cloud-core (1.2.0)
      google-cloud-env (~> 1.0)
    google-cloud-env (1.0.1)
      faraday (~> 0.11)
    google-cloud-speech (0.29.0)
      google-cloud-core (~> 1.2)
      google-gax (~> 1.0)
    google-gax (1.0.1)
      google-protobuf (~> 3.2)
      googleapis-common-protos (>= 1.3.5, < 2.0)
      googleauth (~> 0.6.2)
      grpc (>= 1.7.2, < 2.0)
      rly (~> 0.2.3)
    google-protobuf (3.5.1.2-universal-darwin)
    googleapis-common-protos (1.3.7)
      google-protobuf (~> 3.0)
      googleapis-common-protos-types (~> 1.0)
      grpc (~> 1.0)
    googleapis-common-protos-types (1.0.1)
      google-protobuf (~> 3.0)
    googleauth (0.6.2)
      faraday (~> 0.12)
      jwt (>= 1.4, < 3.0)
      logging (~> 2.0)
      memoist (~> 0.12)
      multi_json (~> 1.11)
      os (~> 0.9)
      signet (~> 0.7)
    gosu (0.13.3)
    grpc (1.10.0-universal-darwin)
      google-protobuf (~> 3.1)
      googleapis-common-protos-types (~> 1.0.0)
      googleauth (>= 0.5.1, < 0.7)
    jwt (1.5.6)
    little-plugger (1.1.4)
    logging (2.2.2)
      little-plugger (~> 1.1)
      multi_json (~> 1.10)
    memoist (0.16.0)
    method_source (0.8.2)
    multi_json (1.12.1)
    multipart-post (2.0.0)
    os (0.9.6)
    pry (0.10.4)
      coderay (~> 1.1.0)
      method_source (~> 0.8.1)
      slop (~> 3.4)
    public_suffix (2.0.5)
    rly (0.2.3)
    signet (0.8.1)
      addressable (~> 2.3)
      faraday (~> 0.9)
      jwt (>= 1.5, < 3.0)
      multi_json (~> 1.10)
    slop (3.6.0)

PLATFORMS
  ruby

DEPENDENCIES
  curses
  easy_audio!
  ffi
  ffi-portaudio
  google-cloud-speech
  gosu
  pry

BUNDLED WITH
   1.15.1
